GEM
  remote: http://gemcutter.org/
  specs:
    activemodel (3.0.0)
      activesupport (= 3.0.0)
      builder (~> 2.1.2)
      i18n (~> 0.4.1)
    activesupport (3.0.0)
    addressable (2.2.1)
    bson (1.0.4)
    bson_ext (1.0.4)
    builder (2.1.2)
    crack (0.1.8)
    gemcutter (0.6.1)
    git (1.2.5)
    i18n (0.4.1)
    jeweler (1.4.0)
      gemcutter (>= 0.1.0)
      git (>= 1.2.5)
      rubyforge (>= 2.0.0)
    json_pure (1.4.6)
    mocha (0.9.8)
      rake
    mongo (1.0.7)
      bson (>= 1.0.4)
    mongoid (2.0.0.beta.18)
      activemodel (~> 3.0.0)
      bson (= 1.0.4)
      mongo (= 1.0.7)
      tzinfo (~> 0.3.22)
      will_paginate (~> 3.0.pre)
    rake (0.8.7)
    rspec-core (2.0.0.beta.22)
    rubyforge (2.0.4)
      json_pure (>= 1.1.7)
    tzinfo (0.3.23)
    webmock (1.3.5)
      addressable (>= 2.1.1)
      crack (>= 0.1.7)
    will_paginate (3.0.pre2)

PLATFORMS
  ruby

DEPENDENCIES
  bson_ext (= 1.0.4)
  bundler (~> 1.0.0)
  jeweler
  mocha
  mongoid (>= 2.0.0.beta.17)
  rspec-core (>= 2.0.0.beta.12)
  webmock
